GEM
  remote: https://rubygems.org/
  specs:
    mini_magick (3.7.0)
      subexec (~> 0.2.1)
    rack (1.5.2)
    ruby-opencv (0.0.13)
    subexec (0.2.3)

PLATFORMS
  ruby

DEPENDENCIES
  mini_magick
  rack
  ruby-opencv
