GEM
  remote: https://rubygems.org/
  specs:
    columnize (0.3.6)
    debugger (1.6.6)
      columnize (>= 0.3.1)
      debugger-linecache (~> 1.2.0)
      debugger-ruby_core_source (~> 1.3.2)
    debugger-linecache (1.2.0)
    debugger-ruby_core_source (1.3.2)
    mini_magick (3.7.0)
      subexec (~> 0.2.1)
    rack (1.5.2)
    ruby-opencv (0.0.13)
    subexec (0.2.3)

PLATFORMS
  ruby

DEPENDENCIES
  debugger
  mini_magick
  rack
  ruby-opencv
